GEM
  remote: http://rubygems.org/
  specs:
    SystemTimer (1.2)
    macaddr (1.0.0)
    rack (1.2.1)
    rake (0.8.7)
    redis (2.0.5)
    rspec (1.3.0)
    uuid (2.3.1)
      macaddr (~> 1.0)
    yajl-ruby (0.7.7)

PLATFORMS
  ruby

DEPENDENCIES
  SystemTimer
  rack
  rake
  redis
  rspec
  uuid
  yajl-ruby
